GEM
  remote: http://rubygems.org/
  specs:
    SystemTimer (1.2)
    abstract (1.0.0)
    actionmailer (2.3.9)
      actionpack (= 2.3.9)
    actionpack (2.3.9)
      activesupport (= 2.3.9)
      rack (~> 1.1.0)
    activerecord (2.3.9)
      activesupport (= 2.3.9)
    activeresource (2.3.9)
      activesupport (= 2.3.9)
    activesupport (2.3.9)
    awesome_nested_set (1.4.3)
      activerecord (>= 1.1)
    columnize (0.3.1)
    erubis (2.6.6)
      abstract (>= 1.0.0)
    gettext (2.1.0)
      locale (>= 2.0.5)
    gettext_activerecord (2.1.0)
      activerecord (>= 2.3.2)
      gettext (>= 2.1.0)
    gettext_rails (2.1.0)
      gettext_activerecord (>= 2.1.0)
      locale_rails (>= 2.0.5)
      rails (>= 2.3.2)
    linecache (0.43)
    locale (2.0.5)
    locale_rails (2.0.5)
      locale (>= 2.0.5)
    pg (0.9.0)
    rack (1.1.0)
    rails (2.3.9)
      actionmailer (= 2.3.9)
      actionpack (= 2.3.9)
      activerecord (= 2.3.9)
      activeresource (= 2.3.9)
      activesupport (= 2.3.9)
      rake (>= 0.8.3)
    rake (0.8.7)
    redis (2.0.10)
    ruby-debug (0.10.3)
      columnize (>= 0.1)
      ruby-debug-base (~> 0.10.3.0)
    ruby-debug-base (0.10.3)
      linecache (>= 0.3)
    searchlogic (2.4.26)
      activerecord (>= 2.0.0)
    sqlite3-ruby (1.3.1)

PLATFORMS
  ruby

DEPENDENCIES
  SystemTimer
  awesome_nested_set
  erubis
  gettext
  gettext_activerecord
  gettext_rails
  locale
  locale_rails
  pg
  rack
  rails (= 2.3.9)
  redis
  ruby-debug
  searchlogic (= 2.4.26)
  sqlite3-ruby
