GIT
  remote: git://github.com/jeroenvandijk/remarkable.git
  revision: d8436c10a2258a64fea551634c1bb63878931cb8
  specs:
    remarkable_activemodel (4.0.0.alpha4)
      remarkable_core (= 4.0.0.alpha4)
      rspec (~> 2.3)
    remarkable_activerecord (4.0.0.alpha4)
      activerecord (~> 3.0.0)
      remarkable_activemodel (= 4.0.0.alpha4)
      remarkable_core (= 4.0.0.alpha4)
      rspec (~> 2.3)
    remarkable_core (4.0.0.alpha4)
      activesupport (~> 3.0.0)
      i18n (~> 0.5)
      rspec (~> 2.3)

GIT
  remote: git://github.com/smartinez87/exception_notification.git
  revision: 27fbdddf21c4bc704bb549c83f90e7bd1003aa3a
  specs:
    exception_notification (2.4.0)

GEM
  remote: http://rubygems.org/
  specs:
    aaronh-chronic (0.3.9)
    abstract (1.0.0)
    actionmailer (3.0.9.rc3)
      actionpack (= 3.0.9.rc3)
      mail (~> 2.2.19)
    actionpack (3.0.9.rc3)
      activemodel (= 3.0.9.rc3)
      activesupport (= 3.0.9.rc3)
      builder (~> 2.1.2)
      erubis (~> 2.6.6)
      i18n (~> 0.5.0)
      rack (~> 1.2.1)
      rack-mount (~> 0.6.14)
      rack-test (~> 0.5.7)
      tzinfo (~> 0.3.23)
    active_sanity (0.1.0)
      rails (>= 3.0.0)
    activemodel (3.0.9.rc3)
      activesupport (= 3.0.9.rc3)
      builder (~> 2.1.2)
      i18n (~> 0.5.0)
    activerecord (3.0.9.rc3)
      activemodel (= 3.0.9.rc3)
      activesupport (= 3.0.9.rc3)
      arel (~> 2.0.10)
      tzinfo (~> 0.3.23)
    activeresource (3.0.9.rc3)
      activemodel (= 3.0.9.rc3)
      activesupport (= 3.0.9.rc3)
    activesupport (3.0.9.rc3)
    archive-tar-minitar (0.5.2)
    arel (2.0.10)
    bcrypt-ruby (2.1.4)
    builder (2.1.2)
    capybara (1.0.0.rc1)
      mime-types (>= 1.16)
      nokogiri (>= 1.3.3)
      rack (>= 1.0.0)
      rack-test (>= 0.5.4)
      selenium-webdriver (~> 0.2.0)
      xpath (~> 0.1.4)
    childprocess (0.1.9)
      ffi (~> 1.0.6)
    columnize (0.3.2)
    configuration (1.2.0)
    cucumber (0.10.6)
      builder (>= 2.1.2)
      diff-lcs (>= 1.1.2)
      gherkin (~> 2.4.0)
      json (>= 1.4.6)
      term-ansicolor (>= 1.0.5)
    cucumber-rails (0.5.2)
      capybara (>= 1.0.0.rc1)
      cucumber (>= 0.10.5)
      nokogiri (>= 1.4.4)
      rack-test (>= 0.5.7)
    database_cleaner (0.6.7)
    devise (1.3.4)
      bcrypt-ruby (~> 2.1.2)
      orm_adapter (~> 0.0.3)
      warden (~> 1.0.3)
    diff-lcs (1.1.2)
    email_spec (1.1.1)
      rspec (~> 2.0)
    erubis (2.6.6)
      abstract (>= 1.0.0)
    factory_girl (1.3.3)
    factory_girl_rails (1.0.1)
      factory_girl (~> 1.3)
      railties (>= 3.0.0)
    fast_gettext (0.5.11)
    ffaker (1.8.0)
    ffi (1.0.9)
    gettext (2.1.0)
      locale (>= 2.0.5)
    gettext_i18n_rails (0.2.20)
      fast_gettext
    gherkin (2.4.0)
      json (>= 1.4.6)
    haml (3.1.2)
    i18n (0.5.0)
    json (1.5.1)
    json_pure (1.5.1)
    kaminari (0.12.4)
      rails (>= 3.0.0)
    launchy (0.4.0)
      configuration (>= 0.0.5)
      rake (>= 0.8.1)
    linecache19 (0.5.12)
      ruby_core_source (>= 0.1.4)
    locale (2.0.5)
    mail (2.2.19)
      activesupport (>= 2.3.6)
      i18n (>= 0.4.0)
      mime-types (~> 1.16)
      treetop (~> 1.4.8)
    memcache-client (1.8.5)
    meta_search (1.0.5)
      actionpack (~> 3.0.2)
      activerecord (~> 3.0.2)
      activesupport (~> 3.0.2)
      arel (~> 2.0.2)
    meta_where (1.0.4)
      activerecord (~> 3.0.0)
      activesupport (~> 3.0.0)
      arel (~> 2.0.7)
    mime-types (1.16)
    nested_set (1.6.6)
      activerecord (>= 3.0.0)
      railties (>= 3.0.0)
    newrelic_rpm (3.0.1)
    nokogiri (1.4.4)
    orm_adapter (0.0.5)
    pg (0.11.0)
    polyglot (0.3.1)
    rack (1.2.3)
    rack-mount (0.6.14)
      rack (>= 1.0.0)
    rack-test (0.5.7)
      rack (>= 1.0)
    rails (3.0.9.rc3)
      actionmailer (= 3.0.9.rc3)
      actionpack (= 3.0.9.rc3)
      activerecord (= 3.0.9.rc3)
      activeresource (= 3.0.9.rc3)
      activesupport (= 3.0.9.rc3)
      bundler (~> 1.0)
      railties (= 3.0.9.rc3)
    railties (3.0.9.rc3)
      actionpack (= 3.0.9.rc3)
      activesupport (= 3.0.9.rc3)
      rake (>= 0.8.7)
      rdoc (~> 3.4)
      thor (~> 0.14.4)
    rake (0.9.2)
    rdoc (3.6.1)
    redis (2.2.1)
    riddle (1.3.3)
    rspec (2.6.0)
      rspec-core (~> 2.6.0)
      rspec-expectations (~> 2.6.0)
      rspec-mocks (~> 2.6.0)
    rspec-core (2.6.4)
    rspec-expectations (2.6.0)
      diff-lcs (~> 1.1.2)
    rspec-mocks (2.6.0)
    rspec-rails (2.6.1)
      actionpack (~> 3.0)
      activesupport (~> 3.0)
      railties (~> 3.0)
      rspec (~> 2.6.0)
    ruby-debug-base19 (0.11.25)
      columnize (>= 0.3.1)
      linecache19 (>= 0.5.11)
      ruby_core_source (>= 0.1.4)
    ruby-debug19 (0.11.6)
      columnize (>= 0.3.1)
      linecache19 (>= 0.5.11)
      ruby-debug-base19 (>= 0.11.19)
    ruby_core_source (0.1.5)
      archive-tar-minitar (>= 0.5.2)
    rubyzip (0.9.4)
    selenium-webdriver (0.2.1)
      childprocess (>= 0.1.7)
      ffi (>= 1.0.7)
      json_pure
      rubyzip
    silent-postgres (0.0.8)
    sqlite3 (1.3.3)
    sqlite3-ruby (1.3.3)
      sqlite3 (>= 1.3.3)
    term-ansicolor (1.0.5)
    thinking-sphinx (2.0.5)
      activerecord (>= 3.0.3)
      riddle (>= 1.3.3)
    thor (0.14.6)
    treetop (1.4.9)
      polyglot (>= 0.3.1)
    tzinfo (0.3.27)
    warden (1.0.4)
      rack (>= 1.0)
    whenever (0.6.8)
      aaronh-chronic (>= 0.3.9)
      activesupport (>= 2.3.4)
    xpath (0.1.4)
      nokogiri (~> 1.3)

PLATFORMS
  ruby

DEPENDENCIES
  active_sanity
  capybara
  cucumber
  cucumber-rails
  database_cleaner
  devise
  email_spec
  exception_notification!
  factory_girl_rails
  fast_gettext (>= 0.4.8)
  ffaker
  gettext (>= 1.9.3)
  gettext_i18n_rails
  haml
  kaminari
  launchy
  memcache-client
  meta_search
  meta_where
  nested_set
  newrelic_rpm
  pg
  rails (= 3.0.9.rc3)
  redis
  remarkable_activerecord!
  rspec
  rspec-rails
  ruby-debug19
  silent-postgres
  sqlite3-ruby
  thinking-sphinx
  whenever
