GIT
  remote: git://github.com/cameel/gettext.git
  revision: f0b90f9d68a37fcba5c3f0b4eb1f7593185a7c2a
  specs:
    gettext (2.1.0)
      locale (>= 2.0.5)

GEM
  remote: http://rubygems.org/
  specs:
    actionmailer (3.2.2)
      actionpack (= 3.2.2)
      mail (~> 2.4.0)
    actionpack (3.2.2)
      activemodel (= 3.2.2)
      activesupport (= 3.2.2)
      builder (~> 3.0.0)
      erubis (~> 2.7.0)
      journey (~> 1.0.1)
      rack (~> 1.4.0)
      rack-cache (~> 1.1)
      rack-test (~> 0.6.1)
      sprockets (~> 2.1.2)
    active_sanity (0.1.1)
      rails (>= 3.0.0)
    activemodel (3.2.2)
      activesupport (= 3.2.2)
      builder (~> 3.0.0)
    activerecord (3.2.2)
      activemodel (= 3.2.2)
      activesupport (= 3.2.2)
      arel (~> 3.0.2)
      tzinfo (~> 0.3.29)
    activeresource (3.2.2)
      activemodel (= 3.2.2)
      activesupport (= 3.2.2)
    activesupport (3.2.2)
      i18n (~> 0.6)
      multi_json (~> 1.0)
    addressable (2.2.7)
    arel (3.0.2)
    bcrypt-ruby (3.0.1)
    brewdler (0.1.0)
      commander
    builder (3.0.0)
    capistrano (2.11.1)
      highline
      net-scp (>= 1.0.0)
      net-sftp (>= 2.0.0)
      net-ssh (>= 2.0.14)
      net-ssh-gateway (>= 1.1.0)
    capistrano_colors (0.5.5)
    capybara (1.1.2)
      mime-types (>= 1.16)
      nokogiri (>= 1.3.3)
      rack (>= 1.0.0)
      rack-test (>= 0.5.4)
      selenium-webdriver (~> 2.0)
      xpath (~> 0.1.4)
    childprocess (0.3.1)
      ffi (~> 1.0.6)
    chronic (0.6.7)
    coffee-rails (3.2.2)
      coffee-script (>= 2.2.0)
      railties (~> 3.2.0)
    coffee-script (2.2.0)
      coffee-script-source
      execjs
    coffee-script-source (1.2.0)
    commander (4.1.2)
      highline (~> 1.6.11)
    cucumber (1.1.9)
      builder (>= 2.1.2)
      diff-lcs (>= 1.1.2)
      gherkin (~> 2.9.0)
      json (>= 1.4.6)
      term-ansicolor (>= 1.0.6)
    cucumber-rails (1.3.0)
      capybara (>= 1.1.2)
      cucumber (>= 1.1.8)
      nokogiri (>= 1.5.0)
    database_cleaner (0.7.1)
    devise (2.0.4)
      bcrypt-ruby (~> 3.0)
      orm_adapter (~> 0.0.3)
      railties (~> 3.1)
      warden (~> 1.1.1)
    diff-lcs (1.1.3)
    email_spec (1.2.1)
      mail (~> 2.2)
      rspec (~> 2.0)
    erubis (2.7.0)
    everywhere (1.0.0)
      activerecord
    exception_notification (2.5.2)
      actionmailer (>= 3.0.4)
    execjs (1.3.0)
      multi_json (~> 1.0)
    factory_girl (2.6.4)
      activesupport (>= 2.3.9)
    factory_girl_rails (1.7.0)
      factory_girl (~> 2.6.0)
      railties (>= 3.0.0)
    fakeredis (0.3.0)
      redis (~> 2.2.0)
    fakeweb (1.3.0)
    fast_gettext (0.6.4)
    ffi (1.0.11)
    gettext_i18n_rails (0.4.5)
      fast_gettext
    gherkin (2.9.0)
      json (>= 1.4.6)
    globalize3 (0.2.0)
      activemodel (>= 3.0.0)
      activerecord (>= 3.0.0)
      paper_trail (~> 2)
    growl (1.0.3)
    guard (1.0.1)
      ffi (>= 0.5.0)
      thor (~> 0.14.6)
    guard-cucumber (0.7.5)
      cucumber (>= 0.10)
      guard (>= 0.8.3)
    guard-rspec (0.6.0)
      guard (>= 0.10.0)
    highline (1.6.11)
    hike (1.2.1)
    i18n (0.6.0)
    journey (1.0.3)
    jquery-rails (2.0.1)
      railties (>= 3.2.0, < 5.0)
      thor (~> 0.14)
    json (1.6.5)
    jsonify (0.3.1)
      multi_json (~> 1.0)
    jsonify-rails (0.3.1)
      actionpack
      jsonify (>= 0.3.1)
    kaminari (0.13.0)
      actionpack (>= 3.0.0)
      activesupport (>= 3.0.0)
      railties (>= 3.0.0)
    kgio (2.7.2)
    launchy (2.0.5)
      addressable (~> 2.2.6)
    libnotify (0.7.2)
      ffi (~> 1.0.0)
    locale (2.0.5)
    mail (2.4.4)
      i18n (>= 0.4.0)
      mime-types (~> 1.16)
      treetop (~> 1.4.8)
    memcache-client (1.8.5)
    mime-types (1.18)
    multi_json (1.1.0)
    nested_set (1.7.0)
      activerecord (>= 3.0.0)
      railties (>= 3.0.0)
    net-scp (1.0.4)
      net-ssh (>= 1.99.1)
    net-sftp (2.0.5)
      net-ssh (>= 2.0.9)
    net-ssh (2.3.0)
    net-ssh-gateway (1.1.0)
      net-ssh (>= 1.99.1)
    newrelic_rpm (3.3.2.1)
    nokogiri (1.5.2)
    orm_adapter (0.0.6)
    paper_trail (2.6.0)
      rails (~> 3)
    pg (0.13.2)
    polyamorous (0.5.0)
      activerecord (~> 3.0)
    polyglot (0.3.3)
    rack (1.4.1)
    rack-cache (1.2)
      rack (>= 0.4)
    rack-force_domain (0.2.0)
    rack-ssl (1.3.2)
      rack
    rack-test (0.6.1)
      rack (>= 1.0)
    rails (3.2.2)
      actionmailer (= 3.2.2)
      actionpack (= 3.2.2)
      activerecord (= 3.2.2)
      activeresource (= 3.2.2)
      activesupport (= 3.2.2)
      bundler (~> 1.0)
      railties (= 3.2.2)
    railties (3.2.2)
      actionpack (= 3.2.2)
      activesupport (= 3.2.2)
      rack-ssl (~> 1.3.2)
      rake (>= 0.8.7)
      rdoc (~> 3.4)
      thor (~> 0.14.6)
    raindrops (0.8.0)
    rake (0.9.2.2)
    rb-fsevent (0.9.0)
    rb-inotify (0.8.8)
      ffi (>= 0.5.0)
    rb-readline (0.4.2)
    rdoc (3.12)
      json (~> 1.4)
    redis (2.2.2)
    riddle (1.5.1)
    rspec (2.8.0)
      rspec-core (~> 2.8.0)
      rspec-expectations (~> 2.8.0)
      rspec-mocks (~> 2.8.0)
    rspec-core (2.8.0)
    rspec-expectations (2.8.0)
      diff-lcs (~> 1.1.2)
    rspec-mocks (2.8.0)
    rspec-rails (2.8.1)
      actionpack (>= 3.0)
      activesupport (>= 3.0)
      railties (>= 3.0)
      rspec (~> 2.8.0)
    rubyzip (0.9.6.1)
    sass (3.1.15)
    sass-rails (3.2.4)
      railties (~> 3.2.0)
      sass (>= 3.1.10)
      tilt (~> 1.3)
    selenium-webdriver (2.20.0)
      childprocess (>= 0.2.5)
      ffi (~> 1.0)
      multi_json (~> 1.0)
      rubyzip
    shoulda-matchers (1.0.0)
    silent-postgres (0.1.1)
    sitemap_generator (3.0.0)
      builder
    sprockets (2.1.2)
      hike (~> 1.2)
      rack (~> 1.0)
      tilt (~> 1.1, != 1.3.0)
    squeel (0.9.5)
      activerecord (~> 3.0)
      activesupport (~> 3.0)
      polyamorous (~> 0.5.0)
    term-ansicolor (1.0.7)
    thinking-sphinx (2.0.11)
      activerecord (>= 3.0.3)
      builder (>= 2.1.2)
      riddle (>= 1.5.0)
    thor (0.14.6)
    tilt (1.3.3)
    treetop (1.4.10)
      polyglot
      polyglot (>= 0.3.1)
    ts-datetime-delta (1.0.2)
      thinking-sphinx (>= 1.3.8)
    tzinfo (0.3.32)
    uglifier (1.2.3)
      execjs (>= 0.3.0)
      multi_json (>= 1.0.2)
    unicorn (4.2.0)
      kgio (~> 2.6)
      rack
      raindrops (~> 0.7)
    warden (1.1.1)
      rack (>= 1.0)
    whenever (0.7.3)
      activesupport (>= 2.3.4)
      chronic (~> 0.6.3)
    xpath (0.1.4)
      nokogiri (~> 1.3)

PLATFORMS
  ruby

DEPENDENCIES
  active_sanity
  brewdler
  capistrano
  capistrano_colors
  capybara
  coffee-rails
  cucumber
  cucumber-rails
  database_cleaner
  devise
  email_spec
  everywhere
  exception_notification
  factory_girl_rails
  fakeredis
  fakeweb
  fast_gettext
  gettext!
  gettext_i18n_rails
  globalize3
  growl
  guard
  guard-cucumber
  guard-rspec
  jquery-rails
  jsonify-rails
  kaminari
  launchy
  libnotify
  memcache-client
  nested_set
  newrelic_rpm
  pg
  rack-force_domain
  rails (= 3.2.2)
  rake
  rb-fsevent
  rb-inotify
  rb-readline
  redis
  rspec
  rspec-rails
  sass-rails
  shoulda-matchers
  silent-postgres
  sitemap_generator
  squeel
  thinking-sphinx
  ts-datetime-delta
  uglifier
  unicorn
  whenever
